GEM
  remote: https://rubygems.org/
  specs:
    columnize (0.8.9)
    daemons (1.1.9)
    dalli (2.7.2)
    debugger (1.6.8)
      columnize (>= 0.3.1)
      debugger-linecache (~> 1.2.0)
      debugger-ruby_core_source (~> 1.3.5)
    debugger-linecache (1.2.0)
    debugger-ruby_core_source (1.3.5)
    eventmachine (1.0.3)
    glib2 (1.2.6)
      pkg-config
    gstreamer (1.2.6)
      glib2 (>= 1.2.6)
    iconv (1.0.4)
    json (1.8.1)
    kgio (2.8.1)
    locale (2.0.9)
    minitest (5.4.2)
    pkg-config (1.1.5)
    rack (1.5.2)
    rack-cache (1.2)
      rack (>= 0.4)
    rack-protection (1.5.1)
      rack
    rack-test (0.6.2)
      rack (>= 1.0)
    raindrops (0.12.0)
    redcarpet (3.1.2)
    shotgun (0.9)
      rack (>= 1.0)
    sinatra (1.4.4)
      rack (~> 1.4)
      rack-protection (~> 1.4)
      tilt (~> 1.3, >= 1.3.4)
    thin (1.6.3)
      daemons (~> 1.0, >= 1.0.9)
      eventmachine (~> 1.0)
      rack (~> 1.0)
    tilt (1.4.1)
    unicorn (4.7.0)
      kgio (~> 2.6)
      rack
      raindrops (~> 0.7)
    uuidtools (2.1.4)

PLATFORMS
  ruby

DEPENDENCIES
  dalli
  debugger
  glib2 (~> 1.2.6)
  gstreamer (= 1.2.6)
  iconv
  json
  locale
  minitest
  rack-cache
  rack-test
  redcarpet
  shotgun
  sinatra
  thin
  unicorn
  uuidtools
